GEM
  remote: http://rubygems.org/
  specs:
    builder (3.1.4)
    domain_name (0.5.7)
      unf (~> 0.0.3)
    excon (0.16.4)
    fog (1.6.0)
      builder
      excon (~> 0.14)
      formatador (~> 0.2.0)
      mime-types
      multi_json (~> 1.0)
      net-scp (~> 1.0.4)
      net-ssh (>= 2.1.3)
      nokogiri (~> 1.5.0)
      ruby-hmac
    formatador (0.2.3)
    jruby-pageant (1.1.1)
    mechanize (2.5.1)
      domain_name (~> 0.5, >= 0.5.1)
      mime-types (~> 1.17, >= 1.17.2)
      net-http-digest_auth (~> 1.1, >= 1.1.1)
      net-http-persistent (~> 2.5, >= 2.5.2)
      nokogiri (~> 1.4)
      ntlm-http (~> 0.1, >= 0.1.1)
      webrobots (~> 0.0, >= 0.0.9)
    mime-types (1.21)
    multi_json (1.6.1)
    net-http-digest_auth (1.2.1)
    net-http-persistent (2.8)
    net-scp (1.0.4)
      net-ssh (>= 1.99.1)
    net-ssh (2.6.0)
      jruby-pageant (>= 1.1.1)
    nokogiri (1.5.6)
    ntlm-http (0.1.1)
    ruby-hmac (0.4.0)
    unf (0.0.5)
      unf_ext
    unf_ext (0.0.6)
    vcr (2.4.0)
    webrobots (0.1.0)

PLATFORMS
  ruby

DEPENDENCIES
  fog
  mechanize
  nokogiri
  vcr
